GEM
  remote: https://rubygems.org/
  specs:
    decisiontree (0.4.0)
    distance_measures (0.0.6)
    graphr (0.2.1)
    k_means (0.0.7)
      distance_measures (>= 0.0.0)

PLATFORMS
  ruby

DEPENDENCIES
  decisiontree
  graphr
  k_means
