GEM
  remote: https://rubygems.org/
  specs:
    classifier (1.3.4)
      fast-stemmer (>= 1.0.0)
    decisiontree (0.4.0)
    distance_measures (0.0.6)
    fast-stemmer (1.0.2)
    graphr (0.2.1)
    k_means (0.0.7)
      distance_measures (>= 0.0.0)

PLATFORMS
  ruby

DEPENDENCIES
  classifier
  decisiontree
  graphr
  k_means
